{
    "Modality": "MR",
    "MagneticFieldStrength": 3,
    "ImagingFrequency": 123.21111,
    "Manufacturer": "Siemens",
    "ManufacturersModelName": "Skyra_fit",
    "InstitutionName": "HiroshimaCOI",
    "InstitutionalDepartmentName": "Chugoku",
    "InstitutionAddress": "Minami-ku Kasumi 1-2-3,/Hiroshima-shi/,Hiroshima,JP,734-0037",
    "DeviceSerialNumber": "170071",
    "StationName": "AWP60072",
    "BodyPartExamined": "BRAIN",
    "PatientPosition": "HFS",
    "ProcedureStepDescription": "Maekawa^COI_Music",
    "SoftwareVersions": "syngo MR E11",
    "MRAcquisitionType": "3D",
    "SeriesDescription": "T1_MPR",
    "ProtocolName": "T1_MPR",
    "ScanningSequence": "GR\\IR",
    "SequenceVariant": "SK\\SP\\MP",
    "ScanOptions": "IR\\PFP\\WE",
    "SequenceName": "*tfl3d1_16ns",
    "ImageType": [
        "ORIGINAL",
        "PRIMARY",
        "M",
        "NORM",
        "DIS3D",
        "DIS2D"
    ],
    "NonlinearGradientCorrection": true,
    "SeriesNumber": 14,
    "AcquisitionTime": "13:41:20.955000",
    "AcquisitionNumber": 1,
    "SliceThickness": 0.8,
    "SAR": 0.0555278,
    "EchoTime": 0.00218,
    "RepetitionTime": 2.5,
    "SpoilingState": true,
    "InversionTime": 1,
    "FlipAngle": 8,
    "PartialFourier": 0.75,
    "BaseResolution": 320,
    "ShimSetting": [
        6068,
        -3629,
        3640,
        648,
        -41,
        128,
        93,
        -67
    ],
    "TxRefAmp": 285.75,
    "PhaseResolution": 1,
    "ReceiveCoilName": "Head_32",
    "ReceiveCoilActiveElements": "HEA;HEP",
    "PulseSequenceDetails": "%SiemensSeq%\\tfl",
    "RefLinesPE": 32,
    "CoilCombinationMethod": "Adaptive Combine",
    "ConsistencyInfo": "N4_VE11C_LATEST_20160120",
    "MatrixCoilMode": "GRAPPA",
    "PercentPhaseFOV": 93.75,
    "PercentSampling": 100,
    "PhaseEncodingSteps": 224,
    "AcquisitionMatrixPE": 300,
    "ReconMatrixPE": 300,
    "ParallelReductionFactorInPlane": 2,
    "PixelBandwidth": 220,
    "DwellTime": 7.1e-06,
    "ImageOrientationPatientDICOM": [
        -0.0477135,
        0.982326,
        0.180996,
        0.0121459,
        0.181759,
        -0.983268
    ],
    "ImageOrientationText": "Sag>Cor(-2.6)>Tra(-1.2)",
    "InPlanePhaseEncodingDirectionDICOM": "ROW",
    "ConversionSoftware": "dcm2niix",
    "ConversionSoftwareVersion": "v1.0.20230411",
    "Dcm2bidsVersion": "3.1.1"
}