{
    "Modality": "MR",
    "MagneticFieldStrength": 3,
    "ImagingFrequency": 123.211677,
    "Manufacturer": "Siemens",
    "ManufacturersModelName": "Skyra_fit",
    "InstitutionName": "HiroshimaCOI",
    "InstitutionalDepartmentName": "Chugoku",
    "InstitutionAddress": "Minami-ku Kasumi 1-2-3,/Hiroshima-shi/,Hiroshima,JP,734-0037",
    "DeviceSerialNumber": "170071",
    "StationName": "AWP60072",
    "BodyPartExamined": "BRAIN",
    "PatientPosition": "HFS",
    "ProcedureStepDescription": "Maekawa^COI_Music",
    "SoftwareVersions": "syngo MR E11",
    "MRAcquisitionType": "3D",
    "SeriesDescription": "T1_MPR",
    "ProtocolName": "T1_MPR",
    "ScanningSequence": "GR\\IR",
    "SequenceVariant": "SK\\SP\\MP",
    "ScanOptions": "IR\\PFP\\WE",
    "SequenceName": "*tfl3d1_16ns",
    "ImageType": [
        "ORIGINAL",
        "PRIMARY",
        "M",
        "NORM",
        "DIS3D",
        "DIS2D"
    ],
    "NonlinearGradientCorrection": true,
    "SeriesNumber": 14,
    "AcquisitionTime": "16:11:33.952500",
    "AcquisitionNumber": 1,
    "SliceThickness": 0.8,
    "SAR": 0.0552105,
    "EchoTime": 0.00218,
    "RepetitionTime": 2.5,
    "SpoilingState": true,
    "InversionTime": 1,
    "FlipAngle": 8,
    "PartialFourier": 0.75,
    "BaseResolution": 320,
    "ShimSetting": [
        6079,
        -3651,
        3580,
        455,
        101,
        -302,
        -40,
        -45
    ],
    "TxRefAmp": 296.901,
    "PhaseResolution": 1,
    "ReceiveCoilName": "Head_32",
    "ReceiveCoilActiveElements": "HEA;HEP",
    "PulseSequenceDetails": "%SiemensSeq%\\tfl",
    "RefLinesPE": 32,
    "CoilCombinationMethod": "Adaptive Combine",
    "ConsistencyInfo": "N4_VE11C_LATEST_20160120",
    "MatrixCoilMode": "GRAPPA",
    "PercentPhaseFOV": 93.75,
    "PercentSampling": 100,
    "PhaseEncodingSteps": 224,
    "AcquisitionMatrixPE": 300,
    "ReconMatrixPE": 300,
    "ParallelReductionFactorInPlane": 2,
    "PixelBandwidth": 220,
    "DwellTime": 7.1e-06,
    "ImageOrientationPatientDICOM": [
        -0.0183553,
        0.999824,
        -0.00383969,
        -0.00296381,
        -0.00389473,
        -0.999988
    ],
    "ImageOrientationText": "Sag>Cor(-1.1)>Tra(0.2)",
    "InPlanePhaseEncodingDirectionDICOM": "ROW",
    "ConversionSoftware": "dcm2niix",
    "ConversionSoftwareVersion": "v1.0.20230411",
    "Dcm2bidsVersion": "3.1.1"
}