{
    "Modality": "MR",
    "MagneticFieldStrength": 3,
    "ImagingFrequency": 123.211698,
    "Manufacturer": "Siemens",
    "ManufacturersModelName": "Skyra_fit",
    "InstitutionName": "HiroshimaCOI",
    "InstitutionalDepartmentName": "Chugoku",
    "InstitutionAddress": "Minami-ku Kasumi 1-2-3,/Hiroshima-shi/,Hiroshima,JP,734-0037",
    "DeviceSerialNumber": "170071",
    "StationName": "AWP60072",
    "BodyPartExamined": "BRAIN",
    "PatientPosition": "HFS",
    "ProcedureStepDescription": "Maekawa^COI_Music",
    "SoftwareVersions": "syngo MR E11",
    "MRAcquisitionType": "3D",
    "SeriesDescription": "T1_MPR",
    "ProtocolName": "T1_MPR",
    "ScanningSequence": "GR\\IR",
    "SequenceVariant": "SK\\SP\\MP",
    "ScanOptions": "IR\\PFP\\WE",
    "SequenceName": "*tfl3d1_16ns",
    "ImageType": [
        "ORIGINAL",
        "PRIMARY",
        "M",
        "NORM",
        "DIS3D",
        "DIS2D"
    ],
    "NonlinearGradientCorrection": true,
    "SeriesNumber": 14,
    "AcquisitionTime": "10:17:57.707500",
    "AcquisitionNumber": 1,
    "SliceThickness": 0.8,
    "SAR": 0.0517489,
    "EchoTime": 0.00218,
    "RepetitionTime": 2.5,
    "SpoilingState": true,
    "InversionTime": 1,
    "FlipAngle": 8,
    "PartialFourier": 0.75,
    "BaseResolution": 320,
    "ShimSetting": [
        6086,
        -3509,
        3581,
        458,
        259,
        -335,
        -253,
        -47
    ],
    "TxRefAmp": 293.927,
    "PhaseResolution": 1,
    "ReceiveCoilName": "Head_32",
    "ReceiveCoilActiveElements": "HEA;HEP",
    "PulseSequenceDetails": "%SiemensSeq%\\tfl",
    "RefLinesPE": 32,
    "CoilCombinationMethod": "Adaptive Combine",
    "ConsistencyInfo": "N4_VE11C_LATEST_20160120",
    "MatrixCoilMode": "GRAPPA",
    "PercentPhaseFOV": 93.75,
    "PercentSampling": 100,
    "PhaseEncodingSteps": 224,
    "AcquisitionMatrixPE": 300,
    "ReconMatrixPE": 300,
    "ParallelReductionFactorInPlane": 2,
    "PixelBandwidth": 220,
    "DwellTime": 7.1e-06,
    "ImageOrientationPatientDICOM": [
        0.0292755,
        0.989984,
        -0.138108,
        -0.0244505,
        -0.137417,
        -0.990212
    ],
    "ImageOrientationText": "Sag>Cor(1.9)>Tra(1.2)",
    "InPlanePhaseEncodingDirectionDICOM": "ROW",
    "ConversionSoftware": "dcm2niix",
    "ConversionSoftwareVersion": "v1.0.20230411",
    "Dcm2bidsVersion": "3.1.1"
}